GEM
  remote: http://rubygems.org/
  specs:
    activesupport (6.0.3.1)
      concurrent-ruby (~> 1.0, >= 1.0.2)
      i18n (>= 0.7, < 2)
      minitest (~> 5.1)
      tzinfo (~> 1.1)
      zeitwerk (~> 2.2, >= 2.2.2)
    concurrent-ruby (1.1.6)
    hunspell (1.1.0)
    i18n (1.8.2)
      concurrent-ruby (~> 1.0)
    icalendar (2.5.3)
      ice_cube (~> 0.16)
    ice_cube (0.16.3)
    minitest (5.14.1)
    parslet (1.8.2)
    redcarpet (3.4.0)
    ruby-handlebars (0.4.0)
      parslet (~> 1.6, >= 1.6.2)
    thread_safe (0.3.6)
    tzinfo (1.2.7)
      thread_safe (~> 0.1)
    zeitwerk (2.3.0)

PLATFORMS
  ruby

DEPENDENCIES
  activesupport (~> 6.0)
  hunspell (~> 1.1)
  icalendar (~> 2.5)
  redcarpet
  ruby-handlebars

BUNDLED WITH
   2.0.2
